PATH
  remote: .
  specs:
    trinidad_resque_extension (0.1.1)
      rake
      resque
      trinidad

GEM
  remote: http://rubygems.org/
  specs:
    diff-lcs (1.1.2)
    jruby-rack (1.1.3)
    mocha (0.9.12)
    multi_json (1.0.4)
    rack (1.4.0)
    rack-protection (1.2.0)
      rack
    rake (13.0.1)
    redis (2.2.2)
    redis-namespace (1.0.3)
      redis (< 3.0.0)
    resque (1.19.0)
      multi_json (~> 1.0)
      redis-namespace (~> 1.0.2)
      sinatra (>= 0.9.2)
      vegas (~> 0.1.2)
    rspec (2.5.0)
      rspec-core (~> 2.5.0)
      rspec-expectations (~> 2.5.0)
      rspec-mocks (~> 2.5.0)
    rspec-core (2.5.1)
    rspec-expectations (2.5.0)
      diff-lcs (~> 1.1.2)
    rspec-mocks (2.5.0)
    sinatra (1.3.2)
      rack (~> 1.3, >= 1.3.6)
      rack-protection (~> 1.2)
      tilt (~> 1.3, >= 1.3.3)
    tilt (1.3.3)
    trinidad (1.3.2)
      jruby-rack (>= 1.1.1)
      trinidad_jars (>= 1.0.1)
    trinidad_jars (1.0.2)
    vegas (0.1.8)
      rack (>= 1.0.0)

PLATFORMS
  java
  ruby

DEPENDENCIES
  mocha
  rspec
  trinidad_resque_extension!
